GEM
  remote: https://rubygems.org/
  specs:
    erubi (1.13.1)

PLATFORMS
  arm64-darwin-24
  ruby

DEPENDENCIES
  erubi

BUNDLED WITH
   2.5.16
